GEM
  remote: https://rubygems.org/
  specs:
    diff-lcs (1.3)
    mustache (1.1.1)
    rspec (3.9.0)
      rspec-core (~> 3.9.0)
      rspec-expectations (~> 3.9.0)
      rspec-mocks (~> 3.9.0)
    rspec-core (3.9.1)
      rspec-support (~> 3.9.1)
    rspec-expectations (3.9.0)
      diff-lcs (>= 1.2.0, < 2.0)
      rspec-support (~> 3.9.0)
    rspec-mocks (3.9.1)
      diff-lcs (>= 1.2.0, < 2.0)
      rspec-support (~> 3.9.0)
    rspec-support (3.9.2)
    rss (0.2.7)
    thor (1.0.1)

PLATFORMS
  ruby

DEPENDENCIES
  mustache (~> 1.0)
  rspec
  rss
  thor

BUNDLED WITH
   2.1.4
